GEM
  remote: https://rubygems.org/
  specs:
    minitest (5.25.4)

PLATFORMS
  x64-mingw-ucrt

DEPENDENCIES
  minitest (~> 5.14)

BUNDLED WITH
   2.5.23
